GEM
  remote: https://rubygems.org/
  specs:
    domain_name (0.6.20240107)
    http-accept (1.7.0)
    http-cookie (1.0.5)
      domain_name (~> 0.5)
    mime-types (3.5.2)
      mime-types-data (~> 3.2015)
    mime-types-data (3.2024.0206)
    netrc (0.11.0)
    rest-client (2.1.0)
      http-accept (>= 1.7.0, < 2.0)
      http-cookie (>= 1.0.2, < 2.0)
      mime-types (>= 1.16, < 4.0)
      netrc (~> 0.8)
    terminal-table (3.0.2)
      unicode-display_width (>= 1.1.1, < 3)
    tinyurl_shortener (1.0.3)
      rest-client (~> 2.1, >= 2.1.0)
    tty-link (0.1.1)
    unicode-display_width (2.5.0)

PLATFORMS
  arm64-darwin-22
  ruby

DEPENDENCIES
  terminal-table
  tinyurl_shortener
  tty-link

BUNDLED WITH
   2.5.6
